

GROUP Build
NUGET
  remote: https://www.nuget.org/api/v2
  specs:
    FAKE (4.22.4)
    FSharp.Compiler.Service (2.0.0.6)
    FSharp.Formatting (2.14.0)
      FSharp.Compiler.Service (>= 2.0.0.3 < 2.1.0)
      FSharpVSPowerTools.Core (>= 2.3.0 < 2.4.0)
    FSharpVSPowerTools.Core (2.3.0)
      FSharp.Compiler.Service (>= 2.0.0.3)
    Microsoft.Bcl (1.1.10) - framework: net10, net11, net20, net30, net35, net40, net40-full
      Microsoft.Bcl.Build (>= 1.0.14)
    Microsoft.Bcl.Build (1.0.21) - import_targets: false, framework: net10, net11, net20, net30, net35, net40, net40-full
    Microsoft.Net.Http (2.2.29) - framework: net10, net11, net20, net30, net35, net40, net40-full
      Microsoft.Bcl (>= 1.1.10)
      Microsoft.Bcl.Build (>= 1.0.14)
    Octokit (0.19.0)
      Microsoft.Net.Http  - framework: net10, net11, net20, net30, net35, net40, net40-full
    SourceLink.Fake (1.1.0)
GITHUB
  remote: fsharp/FAKE
  specs:
    modules/Octokit/Octokit.fsx (3572ef440ce7f087d1bebfc2aebbf0c7599f7a28)
      Octokit
GROUP Test
NUGET
  remote: https://www.nuget.org/api/v2
  specs:
    FSharp.Core (4.0.0.1)
    FsUnit (1.4.1)
      FSharp.Core (>= 3.1.2.5)
      NUnit (2.6.4)
    NUnit (2.6.4)
    NUnit.Runners (2.6.4)

GROUP Toolkit
NUGET
  remote: https://www.nuget.org/api/v2
  specs:
    Azure.Batch (3.1.0)
      Hyak.Common (>= 1.0.2) - framework: >= net45
      Microsoft.Azure.Common (>= 2.1.0) - framework: >= net45
      Microsoft.Data.OData (>= 5.6.2) - framework: >= net45
      WindowsAzure.Storage (>= 4.3.0) - framework: >= net45
    FSharp.Core (4.0.0.1) - redirects: force
    FSharp.Data (2.2.5)
      Zlib.Portable (>= 1.10.0) - framework: portable-net40+sl50+wp80+win80
    FSharpx.Core (1.8.32) - redirects: force
    Hyak.Common (1.1.0) - framework: >= net45
    Microsoft.Azure.Common (2.1.0) - framework: >= net45
      Hyak.Common (>= 1.0.2)
      Microsoft.Azure.Common.Dependencies (>= 1.0.0)
    Microsoft.Azure.Common.Dependencies (1.0.0) - framework: >= net45
      Microsoft.Bcl (>= 1.1.9) - framework: >= net40, portable-net45+wp80+wpa81+win
      Microsoft.Bcl.Async (>= 1.0.168) - framework: >= net40, portable-net45+wp80+wpa81+win
      Microsoft.Bcl.Build (>= 1.0.14) - framework: >= net40, portable-net45+wp80+wpa81+win
      Microsoft.Net.Http (>= 2.2.22) - framework: >= net40, portable-net45+wp80+wpa81+win
      Newtonsoft.Json (>= 6.0.4) - framework: >= net40, portable-net45+wp80+wpa81+win
    Microsoft.Azure.KeyVault.Core (1.0.0) - framework: >= net45
    Microsoft.Bcl (1.1.10) - framework: >= net45
      Microsoft.Bcl.Build (>= 1.0.14)
    Microsoft.Bcl.Async (1.0.168) - framework: >= net45
      Microsoft.Bcl (>= 1.1.8)
    Microsoft.Bcl.Build (1.0.21) - import_targets: false, framework: >= net45
    Microsoft.Data.Edm (5.7.0) - framework: >= net45
    Microsoft.Data.OData (5.7.0) - framework: >= net45
      Microsoft.Data.Edm (5.7.0)
      System.Spatial (5.7.0)
    Microsoft.Data.Services.Client (5.7.0) - framework: >= net45
      Microsoft.Data.OData (5.7.0)
    Microsoft.Net.Http (2.2.29) - framework: >= net45
      Microsoft.Bcl (>= 1.1.10)
      Microsoft.Bcl.Build (>= 1.0.14)
    Newtonsoft.Json (8.0.3) - redirects: force
    System.Spatial (5.7.0) - framework: >= net45
    WindowsAzure.Storage (6.2.0) - framework: >= net45
      Microsoft.Azure.KeyVault.Core (>= 1.0.0) - framework: >= net40, wpv8.0
      Microsoft.Data.OData (>= 5.6.4) - framework: >= net40, winv4.5, wpv8.1, wpv8.0
      Microsoft.Data.Services.Client (>= 5.6.4) - framework: >= net40
      Newtonsoft.Json (>= 6.0.8) - framework: >= net40, winv4.5, wpv8.1, wpv8.0
    Zlib.Portable (1.11.0) - framework: portable-net40+sl50+wp80+win80
